PATH
  remote: .
  specs:
    custom_elements_manifest_parser (0.2.7)
      dry-struct (~> 1.0)
      dry-types (~> 1.0)
      dry-validation (~> 1.0)

GEM
  remote: https://rubygems.org/
  specs:
    backports (3.24.1)
    command_kit (0.4.0)
    concurrent-ruby (1.2.2)
    dry-configurable (1.1.0)
      dry-core (~> 1.0, < 2)
      zeitwerk (~> 2.6)
    dry-core (1.0.1)
      concurrent-ruby (~> 1.0)
      zeitwerk (~> 2.6)
    dry-inflector (1.0.0)
    dry-initializer (3.1.1)
    dry-logic (1.5.0)
      concurrent-ruby (~> 1.0)
      dry-core (~> 1.0, < 2)
      zeitwerk (~> 2.6)
    dry-schema (1.13.3)
      concurrent-ruby (~> 1.0)
      dry-configurable (~> 1.0, >= 1.0.1)
      dry-core (~> 1.0, < 2)
      dry-initializer (~> 3.0)
      dry-logic (>= 1.4, < 2)
      dry-types (>= 1.7, < 2)
      zeitwerk (~> 2.6)
    dry-struct (1.6.0)
      dry-core (~> 1.0, < 2)
      dry-types (>= 1.7, < 2)
      ice_nine (~> 0.11)
      zeitwerk (~> 2.6)
    dry-types (1.7.1)
      concurrent-ruby (~> 1.0)
      dry-core (~> 1.0)
      dry-inflector (~> 1.0)
      dry-logic (~> 1.4)
      zeitwerk (~> 2.6)
    dry-validation (1.10.0)
      concurrent-ruby (~> 1.0)
      dry-core (~> 1.0, < 2)
      dry-initializer (~> 3.0)
      dry-schema (>= 1.12, < 2)
      zeitwerk (~> 2.6)
    ice_nine (0.11.2)
    minitest (5.20.0)
    rainbow (3.1.1)
    rake (13.0.6)
    yard (0.9.34)
    yard-junk (0.0.9)
      backports (>= 3.18)
      rainbow
      yard
    zeitwerk (2.6.12)

PLATFORMS
  arm64-darwin-22

DEPENDENCIES
  command_kit (~> 0.4.0)
  custom_elements_manifest_parser!
  minitest (~> 5.0)
  rake (~> 13.0)
  yard
  yard-junk (~> 0.0.9)

BUNDLED WITH
   2.2.33
