PATH
  remote: .
  specs:
    custom_elements_manifest_parser (0.1.0)

GEM
  remote: https://rubygems.org/
  specs:
    minitest (5.20.0)
    rake (13.0.6)

PLATFORMS
  arm64-darwin-22

DEPENDENCIES
  custom_elements_manifest_parser!
  minitest (~> 5.0)
  rake (~> 13.0)

BUNDLED WITH
   2.2.33
